GIT
  remote: https://github.com/sinatra/sinatra.git
  revision: 8ff496bd4877520599e1479d6efead39304edceb
  specs:
    rack-protection (3.0.2)
      rack
    sinatra (3.0.2)
      mustermann (~> 3.0)
      rack (~> 2.2, >= 2.2.4)
      rack-protection (= 3.0.2)
      tilt (~> 2.0)

GEM
  remote: https://rubygems.org/
  specs:
    mustermann (3.0.0)
      ruby2_keywords (~> 0.0.1)
    nio4r (2.5.8)
    puma (6.0.0)
      nio4r (~> 2.0)
    rack (2.2.4)
    ruby2_keywords (0.0.5)
    tilt (2.0.11)

PLATFORMS
  arm64-darwin-21

DEPENDENCIES
  puma
  sinatra!

RUBY VERSION
   ruby 3.1.2p20

BUNDLED WITH
   2.3.7
